PATH
  remote: .
  specs:
    rspec-puppet-facts-unsupported (0.1.2.pre)
      rspec-puppet-facts (~> 1)

GEM
  remote: https://rubygems.org/
  specs:
    ast (2.4.0)
    byebug (9.0.6)
    coderay (1.1.2)
    diff-lcs (1.3)
    docile (1.3.1)
    facter (2.5.1)
    facterdb (0.5.2)
      facter
      jgrep
    fast_gettext (1.1.2)
    hiera (3.4.3)
    jgrep (1.5.0)
    json (2.1.0)
    locale (2.1.2)
    mcollective-client (2.12.1)
      json
      stomp
      systemu
    method_source (0.9.0)
    multi_json (1.13.1)
    parallel (1.12.1)
    parser (2.5.1.0)
      ast (~> 2.4.0)
    powerpack (0.1.2)
    pry (0.11.3)
      coderay (~> 1.1.0)
      method_source (~> 0.9.0)
    pry-byebug (3.4.3)
      byebug (>= 9.0, < 9.1)
      pry (~> 0.10)
    puppet (5.5.1)
      facter (> 2.0.1, < 4)
      fast_gettext (~> 1.1.2)
      hiera (>= 3.2.1, < 4)
      locale (~> 2.1)
      multi_json (~> 1.10)
    rainbow (2.2.2)
      rake
    rake (10.5.0)
    rspec (3.7.0)
      rspec-core (~> 3.7.0)
      rspec-expectations (~> 3.7.0)
      rspec-mocks (~> 3.7.0)
    rspec-collection_matchers (1.1.3)
      rspec-expectations (>= 2.99.0.beta1)
    rspec-core (3.7.1)
      rspec-support (~> 3.7.0)
    rspec-expectations (3.7.0)
      diff-lcs (>= 1.2.0, < 2.0)
      rspec-support (~> 3.7.0)
    rspec-mocks (3.7.0)
      diff-lcs (>= 1.2.0, < 2.0)
      rspec-support (~> 3.7.0)
    rspec-puppet-facts (1.9.0)
      facter
      facterdb (>= 0.5.0)
      json
      mcollective-client
      puppet
    rspec-support (3.7.1)
    rubocop (0.49.1)
      parallel (~> 1.10)
      parser (>= 2.3.3.1, < 3.0)
      powerpack (~> 0.1)
      rainbow (>= 1.99.1, < 3.0)
      ruby-progressbar (~> 1.7)
      unicode-display_width (~> 1.0, >= 1.0.1)
    ruby-progressbar (1.9.0)
    simplecov (0.16.1)
      docile (~> 1.1)
      json (>= 1.8, < 3)
      simplecov-html (~> 0.10.0)
    simplecov-html (0.10.2)
    stomp (1.4.4)
    systemu (2.6.5)
    unicode-display_width (1.4.0)

PLATFORMS
  ruby

DEPENDENCIES
  bundler (~> 1)
  pry-byebug (~> 3.4, >= 3.4.2)
  rake (~> 10)
  rspec (~> 3)
  rspec-collection_matchers (~> 1)
  rspec-puppet-facts-unsupported!
  rubocop (< 0.50)
  simplecov (~> 0)

BUNDLED WITH
   1.16.2
