PATH
  remote: .
  specs:
    rspec-puppet-facts-unsupported (0.1.1.pre)
      rspec-puppet-facts (~> 1.8.0)

GEM
  remote: https://rubygems.org/
  specs:
    ast (2.3.0)
    byebug (9.0.6)
    coderay (1.1.1)
    diff-lcs (1.3)
    docile (1.1.5)
    facter (2.4.6)
    facterdb (0.3.11)
      facter
      jgrep
    fast_gettext (1.1.0)
    gettext (3.2.3)
      locale (>= 2.0.5)
      text (>= 1.3.0)
    gettext-setup (0.25)
      fast_gettext (~> 1.1.0)
      gettext (>= 3.0.2)
      locale
    hiera (3.4.0)
    jgrep (1.4.1)
      json
    json (1.8.6)
    locale (2.1.2)
    mcollective-client (2.11.0)
      json
      stomp
      systemu
    method_source (0.8.2)
    parallel (1.11.2)
    parser (2.4.0.0)
      ast (~> 2.2)
    powerpack (0.1.1)
    pry (0.10.4)
      coderay (~> 1.1.0)
      method_source (~> 0.8.1)
      slop (~> 3.4)
    pry-byebug (3.4.2)
      byebug (~> 9.0)
      pry (~> 0.10)
    puppet (5.0.0)
      facter (> 2.0, < 4)
      gettext-setup (>= 0.10, < 1)
      hiera (>= 3.2.1, < 4)
      locale (~> 2.1)
    rainbow (2.2.2)
      rake
    rake (10.5.0)
    rspec (3.6.0)
      rspec-core (~> 3.6.0)
      rspec-expectations (~> 3.6.0)
      rspec-mocks (~> 3.6.0)
    rspec-collection_matchers (1.1.3)
      rspec-expectations (>= 2.99.0.beta1)
    rspec-core (3.6.0)
      rspec-support (~> 3.6.0)
    rspec-expectations (3.6.0)
      diff-lcs (>= 1.2.0, < 2.0)
      rspec-support (~> 3.6.0)
    rspec-mocks (3.6.0)
      diff-lcs (>= 1.2.0, < 2.0)
      rspec-support (~> 3.6.0)
    rspec-puppet-facts (1.8.0)
      facter
      facterdb (>= 0.3.0)
      json
      mcollective-client
      puppet
    rspec-support (3.6.0)
    rubocop (0.49.1)
      parallel (~> 1.10)
      parser (>= 2.3.3.1, < 3.0)
      powerpack (~> 0.1)
      rainbow (>= 1.99.1, < 3.0)
      ruby-progressbar (~> 1.7)
      unicode-display_width (~> 1.0, >= 1.0.1)
    ruby-progressbar (1.8.1)
    simplecov (0.14.1)
      docile (~> 1.1.0)
      json (>= 1.8, < 3)
      simplecov-html (~> 0.10.0)
    simplecov-html (0.10.1)
    slop (3.6.0)
    stomp (1.4.4)
    systemu (2.6.5)
    text (1.3.1)
    unicode-display_width (1.3.0)

PLATFORMS
  ruby

DEPENDENCIES
  bundler (~> 1.15.1)
  pry-byebug (~> 3.4, >= 3.4.2)
  rake (~> 10)
  rspec (~> 3)
  rspec-collection_matchers (~> 1.1.3)
  rspec-puppet-facts-unsupported!
  rubocop (~> 0.49)
  simplecov (~> 0.14.1)

BUNDLED WITH
   1.15.1
